GIT
  remote: https://github.com/gballet/rlp-ruby
  revision: a01304f8068653f7a44ae99c2bd1fa6052a76729
  branch: fix-block-decoding
  specs:
    rlp-ruby (0.1.0)

GEM
  remote: https://rubygems.org/
  specs:
    activemodel (7.2.1.1)
      activesupport (= 7.2.1.1)
    activerecord (7.2.1.1)
      activemodel (= 7.2.1.1)
      activesupport (= 7.2.1.1)
      timeout (>= 0.4.0)
    activesupport (7.2.1.1)
      base64
      bigdecimal
      concurrent-ruby (~> 1.0, >= 1.3.1)
      connection_pool (>= 2.2.5)
      drb
      i18n (>= 1.6, < 2)
      logger (>= 1.4.2)
      minitest (>= 5.1)
      securerandom (>= 0.3)
      tzinfo (~> 2.0, >= 2.0.5)
    base64 (0.2.0)
    bigdecimal (3.1.8)
    builder (3.3.0)
    concurrent-ruby (1.3.4)
    connection_pool (2.4.1)
    daemons (1.4.1)
    digest-keccak (0.0.5)
    drb (2.2.1)
    eventmachine (1.2.7)
    i18n (1.14.6)
      concurrent-ruby (~> 1.0)
    io-console (0.7.2)
    irb (1.14.1)
      rdoc (>= 4.0.0)
      reline (>= 0.4.2)
    logger (1.6.1)
    markaby (0.9.4)
      builder
    mini_portile2 (2.8.7)
    minitest (5.25.1)
    multi_json (1.15.0)
    mustermann (2.0.2)
      ruby2_keywords (~> 0.0.1)
    psych (5.1.2)
      stringio
    rack (2.2.10)
    rack-protection (2.2.4)
      rack
    rake (13.2.1)
    rdoc (6.7.0)
      psych (>= 4.0.0)
    reline (0.5.10)
      io-console (~> 0.5)
    ruby2_keywords (0.0.5)
    securerandom (0.3.1)
    sinatra (2.2.4)
      mustermann (~> 2.0)
      rack (~> 2.2)
      rack-protection (= 2.2.4)
      tilt (~> 2.0)
    sinatra-activerecord (2.0.27)
      activerecord (>= 4.1)
      sinatra (>= 1.0)
    sinatra-contrib (2.2.4)
      multi_json
      mustermann (~> 2.0)
      rack-protection (= 2.2.4)
      sinatra (= 2.2.4)
      tilt (~> 2.0)
    sqlite3 (1.7.3)
      mini_portile2 (~> 2.8.0)
    stringio (3.1.1)
    thin (1.8.2)
      daemons (~> 1.0, >= 1.0.9)
      eventmachine (~> 1.0, >= 1.0.4)
      rack (>= 1, < 3)
    tilt (2.4.0)
    timeout (0.4.1)
    tzinfo (2.0.6)
      concurrent-ruby (~> 1.0)

PLATFORMS
  amd64-freebsd-13
  ruby

DEPENDENCIES
  digest-keccak (~> 0.0.5)
  irb (~> 1.4)
  markaby (~> 0.9.0)
  rake (~> 13.0)
  rlp-ruby!
  sinatra (~> 2.2)
  sinatra-activerecord (~> 2.0)
  sinatra-contrib (~> 2.2)
  sqlite3 (~> 1.4)
  thin (~> 1.8)

BUNDLED WITH
   2.5.16
