GIT
  remote: https://github.com/gballet/rlp-ruby
  revision: a01304f8068653f7a44ae99c2bd1fa6052a76729
  branch: fix-block-decoding
  specs:
    rlp-ruby (0.1.0)

GEM
  remote: https://rubygems.org/
  specs:
    activemodel (7.0.4.2)
      activesupport (= 7.0.4.2)
    activerecord (7.0.4.2)
      activemodel (= 7.0.4.2)
      activesupport (= 7.0.4.2)
    activesupport (7.0.4.2)
      concurrent-ruby (~> 1.0, >= 1.0.2)
      i18n (>= 1.6, < 2)
      minitest (>= 5.1)
      tzinfo (~> 2.0)
    builder (3.2.4)
    concurrent-ruby (1.2.0)
    daemons (1.4.1)
    digest-keccak (0.0.5)
    eventmachine (1.2.7)
    i18n (1.12.0)
      concurrent-ruby (~> 1.0)
    io-console (0.6.0)
    irb (1.6.2)
      reline (>= 0.3.0)
    markaby (0.9.0)
      builder
    mini_portile2 (2.8.1)
    minitest (5.17.0)
    multi_json (1.15.0)
    mustermann (2.0.2)
      ruby2_keywords (~> 0.0.1)
    rack (2.2.6.2)
    rack-protection (2.2.4)
      rack
    rake (13.0.6)
    reline (0.3.2)
      io-console (~> 0.5)
    ruby2_keywords (0.0.5)
    sinatra (2.2.4)
      mustermann (~> 2.0)
      rack (~> 2.2)
      rack-protection (= 2.2.4)
      tilt (~> 2.0)
    sinatra-activerecord (2.0.26)
      activerecord (>= 4.1)
      sinatra (>= 1.0)
    sinatra-contrib (2.2.4)
      multi_json
      mustermann (~> 2.0)
      rack-protection (= 2.2.4)
      sinatra (= 2.2.4)
      tilt (~> 2.0)
    sqlite3 (1.6.0)
      mini_portile2 (~> 2.8.0)
    thin (1.8.1)
      daemons (~> 1.0, >= 1.0.9)
      eventmachine (~> 1.0, >= 1.0.4)
      rack (>= 1, < 3)
    tilt (2.0.11)
    tzinfo (2.0.6)
      concurrent-ruby (~> 1.0)

PLATFORMS
  amd64-freebsd-13
  ruby

DEPENDENCIES
  digest-keccak (~> 0.0.5)
  irb (~> 1.4)
  markaby (~> 0.9.0)
  rake (~> 13.0)
  rlp-ruby!
  sinatra (~> 2.2)
  sinatra-activerecord (~> 2.0)
  sinatra-contrib (~> 2.2)
  sqlite3 (~> 1.4)
  thin (~> 1.8)

BUNDLED WITH
   2.2.28
